GEM
  remote: https://rubygems.org/
  specs:
    addressable (2.5.2)
      public_suffix (>= 2.0.2, < 4.0)
    byebug (10.0.0)
    coderay (1.1.2)
    commonmarker (0.14.4)
      ruby-enum (= 0.5.0)
    concurrent-ruby (1.0.5)
    daemons (1.2.6)
    diff-lcs (1.3)
    em-websocket (0.3.8)
      addressable (>= 2.1.1)
      eventmachine (>= 0.12.9)
    eventmachine (1.2.5)
    fidget (0.0.5)
      ruby-dbus
    gli (2.17.1)
    htmlentities (4.3.4)
    i18n (0.9.4)
      concurrent-ruby (~> 1.0)
    iso-639 (0.2.8)
    json (2.1.0)
    method_source (0.9.0)
    mini_portile2 (2.3.0)
    minitest (5.11.3)
    nokogiri (1.8.2)
      mini_portile2 (~> 2.3.0)
    parslet (1.8.1)
    pdfkit (0.8.2)
    pry (0.11.3)
      coderay (~> 1.1.0)
      method_source (~> 0.9.0)
    pry-byebug (3.6.0)
      byebug (~> 10.0)
      pry (~> 0.10)
    public_suffix (3.0.1)
    rack (1.6.8)
    rack-contrib (1.8.0)
      rack (~> 1.4)
    rack-protection (1.5.3)
      rack
    redcarpet (3.4.0)
    rspec (3.7.0)
      rspec-core (~> 3.7.0)
      rspec-expectations (~> 3.7.0)
      rspec-mocks (~> 3.7.0)
    rspec-core (3.7.1)
      rspec-support (~> 3.7.0)
    rspec-expectations (3.7.0)
      diff-lcs (>= 1.2.0, < 2.0)
      rspec-support (~> 3.7.0)
    rspec-mocks (3.7.0)
      diff-lcs (>= 1.2.0, < 2.0)
      rspec-support (~> 3.7.0)
    rspec-support (3.7.1)
    ruby-dbus (0.14.1)
    ruby-enum (0.5.0)
      i18n
    showoff (0.19.3)
      commonmarker (<= 0.14.4)
      fidget (>= 0.0.3)
      gli (>= 2.0)
      htmlentities
      i18n
      iso-639
      json
      nokogiri
      parslet
      rack-contrib
      redcarpet
      sinatra (~> 1.3)
      sinatra-websocket
      thin (~> 1.3)
      tilt (>= 2.0.3)
    sinatra (1.4.8)
      rack (~> 1.5)
      rack-protection (~> 1.4)
      tilt (>= 1.3, < 3)
    sinatra-websocket (0.3.1)
      em-websocket (~> 0.3.6)
      eventmachine
      thin (>= 1.3.1, < 2.0.0)
    thin (1.7.2)
      daemons (~> 1.0, >= 1.0.9)
      eventmachine (~> 1.0, >= 1.0.4)
      rack (>= 1, < 3)
    tilt (2.0.8)

PLATFORMS
  ruby

DEPENDENCIES
  minitest
  pdfkit
  pry-byebug
  rspec
  showoff

BUNDLED WITH
   1.16.1
